GEM
  remote: https://rubygems.org/
  specs:
    google-protobuf (3.24.3-x86_64-linux)
    googleapis-common-protos-types (1.8.0)
      google-protobuf (~> 3.18)
    grpc (1.58.0-x86_64-linux)
      google-protobuf (~> 3.23)
      googleapis-common-protos-types (~> 1.0)
    grpc-tools (1.58.0)

PLATFORMS
  x86_64-linux

DEPENDENCIES
  grpc
  grpc-tools

BUNDLED WITH
   2.4.6
